GEM
  remote: https://rubygems.org/
  specs:
    bcrypt_pbkdf (1.1.0)
    ed25519 (1.3.0)
    net-ssh (7.1.0)
    parallel (1.24.0)

PLATFORMS
  amd64-freebsd-13
  arm64-darwin-22

DEPENDENCIES
  bcrypt_pbkdf
  ed25519
  net-ssh
  parallel

BUNDLED WITH
   2.3.7
